PATH
  remote: .
  specs:
    rulers (0.0.1)
      minitest
      puma
      rack (~> 2.2)
      rack-test

GEM
  remote: https://rubygems.org/
  specs:
    ast (2.4.2)
    json (2.7.1)
    language_server-protocol (3.17.0.3)
    minitest (5.22.2)
    nio4r (2.7.0)
    parallel (1.24.0)
    parser (3.3.0.5)
      ast (~> 2.4.1)
      racc
    puma (6.4.2)
      nio4r (~> 2.0)
    racc (1.7.3)
    rack (2.2.8.1)
    rack-test (2.1.0)
      rack (>= 1.3)
    rainbow (3.1.1)
    rake (13.1.0)
    regexp_parser (2.9.0)
    rexml (3.2.6)
    rubocop (1.61.0)
      json (~> 2.3)
      language_server-protocol (>= 3.17.0)
      parallel (~> 1.10)
      parser (>= 3.3.0.2)
      rainbow (>= 2.2.2, < 4.0)
      regexp_parser (>= 1.8, < 3.0)
      rexml (>= 3.2.5, < 4.0)
      rubocop-ast (>= 1.30.0, < 2.0)
      ruby-progressbar (~> 1.7)
      unicode-display_width (>= 2.4.0, < 3.0)
    rubocop-ast (1.31.1)
      parser (>= 3.3.0.4)
    ruby-progressbar (1.13.0)
    unicode-display_width (2.5.0)

PLATFORMS
  x86_64-linux

DEPENDENCIES
  rake (~> 13.0)
  rubocop (~> 1.21)
  rulers!

BUNDLED WITH
   2.3.26
